PATH
  remote: .
  specs:
    refilling_queue (0.0.4)

GEM
  remote: https://rubygems.org/
  specs:
    bump (0.5.0)
    diff-lcs (1.2.5)
    rake (10.3.2)
    redis (3.0.7)
    rspec (2.14.1)
      rspec-core (~> 2.14.0)
      rspec-expectations (~> 2.14.0)
      rspec-mocks (~> 2.14.0)
    rspec-core (2.14.8)
    rspec-expectations (2.14.5)
      diff-lcs (>= 1.1.3, < 2.0)
    rspec-mocks (2.14.6)
    wwtd (0.5.5)

PLATFORMS
  ruby

DEPENDENCIES
  bump
  rake
  redis
  refilling_queue!
  rspec (~> 2)
  wwtd
