PATH
  remote: .
  specs:
    refilling_queue (0.0.3)

GEM
  remote: http://rubygems.org/
  specs:
    appraisal (0.5.1)
      bundler
      rake
    bump (0.3.5)
    diff-lcs (1.1.3)
    rake (0.9.2)
    redis (3.0.1)
    rspec (2.6.0)
      rspec-core (~> 2.6.0)
      rspec-expectations (~> 2.6.0)
      rspec-mocks (~> 2.6.0)
    rspec-core (2.6.4)
    rspec-expectations (2.6.0)
      diff-lcs (~> 1.1.2)
    rspec-mocks (2.6.0)

PLATFORMS
  ruby

DEPENDENCIES
  appraisal
  bump
  rake
  redis
  refilling_queue!
  rspec (~> 2)
